{
    "Manufacturer": "Bruker BioSpin MRI GmbH",
    "ManufacturersModelName": "BioSpec 94/20",
    "DeviceSerialNumber": 10230731,
    "StationName": "BioSpec 94/20",
    "SoftwareVersion": "PV-7.0.0",
    "MagneticFieldStrength": 9.402795516101605,
    "ReceiveCoilName": "RF ARR 400 1H R.BR LIN RO AD",
    "ReceiveCoilActiveElements": "MULTICOIL",
    "GradientSetType": "Value was not specified",
    "MRTransmitCoilSequence": {
        "Name": "RF RES 400 1H 112/086 QSN TO AD",
        "Manufacture": "BMRIDE",
        "Type": "VOLUME_COIL"
    },
    "CoilConfigName": "Value was not specified",
    "MatrixCoilMode": "ParallelExperiment",
    "CoilCombinationMethod": "Value was not specified",
    "PulseSequenceType": "UTE3D.ppg",
    "ScanningSequence": "Bruker:UTE3D",
    "SequenceVariant": "Both",
    "ScanOptions": {
        "RG": "No",
        "CG": "No",
        "PFF": 1,
        "PFP": 1,
        "FC": "FlowNone",
        "SP": "Off",
        "FP": "NoSuppression"
    },
    "SequenceName": "3DUTE_COMPOSER",
    "PulseSequenceDetails": "3DUTE_COMPOSER (E2)",
    "NonlinearGradientCorrection": "RadialTraversal",
    "NumberShots": 1,
    "ParallelReductionFactorInPlane": 1,
    "ParallelAcquisitionTechnique": "Value was not specified",
    "PartialFourier": [
        1,
        1,
        1
    ],
    "PartialFourierDirection": "Value was not specified",
    "PhaseEncodingDirection": "j",
    "EffectiveEchoSpacing": 1.2266666666666662e-05,
    "TotalReadoutTime": 0.0015701333333333328,
    "EchoTime": 8.133333333333329e-06,
    "InversionTime": "Value was not specified",
    "SliceTiming": 0.0,
    "SliceEncodingDirection": "k",
    "DwellTime": 0.0015701333333333328,
    "FlipAngle": 3.9,
    "MultibandAccerlationFactor": "Value was not specified",
    "AnatomicalLandmarkCoordinates": "Value was not specified",
    "InstitutionName": "Kings College London",
    "InstitutionAddress": "Value was not specified",
    "InstitutionalDepartmentName": "Value was not specified"
}