{
    "Manufacturer": "Bruker BioSpin MRI GmbH",
    "ManufacturersModelName": "BioSpec 94/20",
    "DeviceSerialNumber": 10230731,
    "StationName": "BioSpec 94/20",
    "SoftwareVersion": "6.0.1",
    "MagneticFieldStrength": 9.402832533495395,
    "ReceiveCoilName": "Value was not specified",
    "ReceiveCoilActiveElements": "Value was not specified",
    "GradientSetType": "Value was not specified",
    "MRTransmitCoilSequence": {
        "Name": null,
        "Manufacture": null,
        "Type": null
    },
    "CoilConfigName": "Value was not specified",
    "MatrixCoilMode": "ParallelExperiment",
    "CoilCombinationMethod": "Value was not specified",
    "PulseSequenceType": "mriMP2RAGE.ppg",
    "ScanningSequence": "User:mriMP2RAGE",
    "SequenceVariant": "Both",
    "ScanOptions": {
        "RG": "No",
        "CG": "No",
        "PFF": 1,
        "PFP": 1,
        "FC": "FlowNone",
        "SP": "Off",
        "FP": "FatSuppression"
    },
    "SequenceName": "MouseBrain_MP2RAGE_150",
    "PulseSequenceDetails": "MouseBrain_MP2RAGE_150_TI700 (E3)",
    "NonlinearGradientCorrection": "RectilinearTraversal",
    "NumberShots": 1,
    "ParallelReductionFactorInPlane": 108,
    "ParallelAcquisitionTechnique": "Value was not specified",
    "PartialFourier": [
        1,
        1,
        1
    ],
    "PartialFourierDirection": "Value was not specified",
    "PhaseEncodingDirection": "i",
    "EffectiveEchoSpacing": 2.3333333333333304e-07,
    "TotalReadoutTime": 2.519999999999997e-05,
    "EchoTime": 0.0025,
    "InversionTime": 700,
    "SliceTiming": [
        0.0,
        0.4375
    ],
    "SliceEncodingDirection": "k",
    "DwellTime": 0.0027215999999999968,
    "FlipAngle": 5,
    "MultibandAccerlationFactor": "Value was not specified",
    "AnatomicalLandmarkCoordinates": "Value was not specified",
    "InstitutionName": "Kings College London",
    "InstitutionAddress": "Value was not specified",
    "InstitutionalDepartmentName": "Value was not specified"
}