{
    "Manufacturer": "Bruker BioSpin MRI GmbH",
    "ManufacturersModelName": "BioSpec 94/20",
    "DeviceSerialNumber": 10230731,
    "StationName": "BioSpec 94/20",
    "SoftwareVersion": "PV-7.0.0",
    "MagneticFieldStrength": 9.402798060066775,
    "ReceiveCoilName": "RF ARR 400 1H R.BR LIN RO AD",
    "ReceiveCoilActiveElements": "MULTICOIL",
    "GradientSetType": "Value was not specified",
    "MRTransmitCoilSequence": {
        "Name": "RF RES 400 1H 112/086 QSN TO AD",
        "Manufacture": "BMRIDE",
        "Type": "VOLUME_COIL"
    },
    "CoilConfigName": "Value was not specified",
    "MatrixCoilMode": "ParallelExperiment",
    "CoilCombinationMethod": "Value was not specified",
    "PulseSequenceType": "MGE.ppg",
    "ScanningSequence": "Bruker:MGE",
    "SequenceVariant": "Both",
    "ScanOptions": {
        "RG": "No",
        "CG": "No",
        "PFF": 1,
        "PFP": 1,
        "FC": "FlowNone",
        "SP": "On",
        "FP": "FatSuppression"
    },
    "SequenceName": "RatBrain_MEMRI_MGE_3D",
    "PulseSequenceDetails": "RatBrain_MEMRI_MGE_3D (E4)",
    "NonlinearGradientCorrection": "RectilinearTraversal",
    "NumberShots": 1,
    "ParallelReductionFactorInPlane": 1,
    "ParallelAcquisitionTechnique": "Value was not specified",
    "PartialFourier": [
        1,
        1,
        1
    ],
    "PartialFourierDirection": "Value was not specified",
    "PhaseEncodingDirection": "j",
    "EffectiveEchoSpacing": 3.286956521739138e-05,
    "TotalReadoutTime": 0.007560000000000016,
    "EchoTime": 0.01485,
    "InversionTime": "Value was not specified",
    "SliceTiming": [
        0.0,
        0.03,
        0.06,
        0.09,
        0.12
    ],
    "SliceEncodingDirection": "k",
    "DwellTime": 0.007560000000000016,
    "FlipAngle": 30,
    "MultibandAccerlationFactor": "Value was not specified",
    "AnatomicalLandmarkCoordinates": "Value was not specified",
    "InstitutionName": "Kings College London",
    "InstitutionAddress": "Value was not specified",
    "InstitutionalDepartmentName": "Value was not specified"
}